PATH
  remote: .
  specs:
    unfuddle (0.1.0)
      active_support
      builder

GEM
  remote: http://rubygems.org/
  specs:
    actionmailer (0.6.1)
      actionpack (>= 0.9.5)
    actionpack (1.4.0)
    active_support (3.0.0)
      activesupport (= 3.0.0)
    activerecord (1.6.0)
    activesupport (3.0.0)
    ansi (1.4.2)
    builder (3.0.0)
    multi_json (1.3.6)
    rails (0.9.5)
      actionmailer (>= 0.6.1)
      actionpack (>= 1.4.0)
      activerecord (>= 1.6.0)
      rake (>= 0.4.15)
    rake (0.9.2.2)
    simplecov (0.6.4)
      multi_json (~> 1.0)
      simplecov-html (~> 0.5.3)
    simplecov-html (0.5.3)
    turn (0.9.5)
      ansi

PLATFORMS
  ruby

DEPENDENCIES
  rails
  simplecov
  turn
  unfuddle!
