PATH
  remote: .
  specs:
    boblail-unfuddle (0.7.0)
      activesupport
      builder
      faraday (~> 0.8.8)

GEM
  remote: http://rubygems.org/
  specs:
    actionmailer (0.6.1)
      actionpack (>= 0.9.5)
    actionpack (1.4.0)
    activerecord (1.6.0)
    activesupport (4.2.4)
      i18n (~> 0.7)
      json (~> 1.7, >= 1.7.7)
      minitest (~> 5.1)
      thread_safe (~> 0.3, >= 0.3.4)
      tzinfo (~> 1.1)
    ansi (1.4.2)
    builder (3.2.2)
    faraday (0.8.10)
      multipart-post (~> 1.2.0)
    i18n (0.7.0)
    json (1.8.3)
    minitest (5.8.0)
    multi_json (1.3.6)
    multipart-post (1.2.0)
    rails (0.9.5)
      actionmailer (>= 0.6.1)
      actionpack (>= 1.4.0)
      activerecord (>= 1.6.0)
      rake (>= 0.4.15)
    rake (0.9.2.2)
    simplecov (0.6.4)
      multi_json (~> 1.0)
      simplecov-html (~> 0.5.3)
    simplecov-html (0.5.3)
    thread_safe (0.3.5)
    turn (0.9.5)
      ansi
    tzinfo (1.2.2)
      thread_safe (~> 0.1)

PLATFORMS
  ruby

DEPENDENCIES
  boblail-unfuddle!
  rails
  simplecov
  turn

BUNDLED WITH
   1.10.6
